PATH
  remote: ../rulers
  specs:
    rulers (0.0.3)
      rack (~> 2.0)

GEM
  remote: https://rubygems.org/
  specs:
    ffi (1.9.14)
    listen (1.3.1)
      rb-fsevent (>= 0.9.3)
      rb-inotify (>= 0.9)
      rb-kqueue (>= 0.2)
    rack (2.0.1)
    rb-fsevent (0.9.8)
    rb-inotify (0.9.7)
      ffi (>= 0.5.0)
    rb-kqueue (0.2.4)
      ffi (>= 0.5.0)
    rerun (0.8.1)
      listen (>= 1.0.3)

PLATFORMS
  ruby

DEPENDENCIES
  listen (= 1.3.1)
  rerun
  rulers!

RUBY VERSION
   ruby 2.3.3p222

BUNDLED WITH
   1.13.6
